GEM
  remote: https://rubygems.org/
  specs:
    exifr (1.2.4)
    jekyll-exiftag (0.0.5)
      exifr

PLATFORMS
  ruby

DEPENDENCIES
  jekyll-exiftag

BUNDLED WITH
   1.11.2
